GIT
  remote: https://github.com/rotev/wohnung
  revision: c6208f5f531dffd2e106577bd43eab770551f264
  specs:
    wohnung_mongodb (0.0.1)

GEM
  remote: https://rubygems.org/
  specs:
    backports (3.6.0)
    bson (1.5.2)
    bson_ext (1.5.2)
      bson (= 1.5.2)
    multi_json (1.10.1)
    rack (1.5.2)
    rack-protection (1.5.3)
      rack
    rack-test (0.6.2)
      rack (>= 1.0)
    sinatra (1.4.5)
      rack (~> 1.4)
      rack-protection (~> 1.4)
      tilt (~> 1.3, >= 1.3.4)
    sinatra-contrib (1.4.2)
      backports (>= 2.0)
      multi_json
      rack-protection
      rack-test
      sinatra (~> 1.4.0)
      tilt (~> 1.3)
    tilt (1.4.1)

PLATFORMS
  ruby

DEPENDENCIES
  bson_ext (= 1.5.2)
  sinatra
  sinatra-contrib
  wohnung_mongodb!
